GEM
  remote: https://rubygems.org/
  specs:
    colorize (0.7.2)
    dnssd (2.0)
    json (1.8.1)
    xcpretty (0.1.2)

PLATFORMS
  ruby

DEPENDENCIES
  colorize
  dnssd
  json
  xcpretty
